PATH
  remote: .
  specs:
    conduit-braintree (1.4.6)
      braintree (~> 2.95.0)
      conduit (~> 1.1.9)
      multi_json (~> 1.10.1)
      webmock (>= 2.3)

GEM
  remote: https://rubygems.org/
  specs:
    activesupport (5.2.3)
      concurrent-ruby (~> 1.0, >= 1.0.2)
      i18n (>= 0.7, < 2)
      minitest (~> 5.1)
      tzinfo (~> 1.1)
    addressable (2.6.0)
      public_suffix (>= 2.0.2, < 4.0)
    aws-eventstream (1.0.3)
    aws-sdk (2.11.284)
      aws-sdk-resources (= 2.11.284)
    aws-sdk-core (2.11.284)
      aws-sigv4 (~> 1.0)
      jmespath (~> 1.0)
    aws-sdk-resources (2.11.284)
      aws-sdk-core (= 2.11.284)
    aws-sigv4 (1.1.0)
      aws-eventstream (~> 1.0, >= 1.0.2)
    braintree (2.95.0)
      builder (>= 2.0.0)
    builder (3.2.3)
    byebug (10.0.2)
    coderay (1.1.2)
    concurrent-ruby (1.1.5)
    conduit (1.1.10)
      activesupport
      aws-sdk (~> 2)
      excon
      thor
      tilt
    crack (0.4.3)
      safe_yaml (~> 1.0.0)
    diff-lcs (1.3)
    excon (0.64.0)
    hashdiff (0.4.0)
    i18n (1.6.0)
      concurrent-ruby (~> 1.0)
    jmespath (1.4.0)
    method_source (0.9.2)
    minitest (5.11.3)
    multi_json (1.10.1)
    pry (0.12.2)
      coderay (~> 1.1.0)
      method_source (~> 0.9.0)
    pry-byebug (3.6.0)
      byebug (~> 10.0)
      pry (~> 0.10)
    public_suffix (3.1.0)
    rspec (3.8.0)
      rspec-core (~> 3.8.0)
      rspec-expectations (~> 3.8.0)
      rspec-mocks (~> 3.8.0)
    rspec-core (3.8.0)
      rspec-support (~> 3.8.0)
    rspec-expectations (3.8.3)
      diff-lcs (>= 1.2.0, < 2.0)
      rspec-support (~> 3.8.0)
    rspec-its (1.3.0)
      rspec-core (>= 3.0.0)
      rspec-expectations (>= 3.0.0)
    rspec-mocks (3.8.0)
      diff-lcs (>= 1.2.0, < 2.0)
      rspec-support (~> 3.8.0)
    rspec-support (3.8.0)
    rspec_junit_formatter (0.4.1)
      rspec-core (>= 2, < 4, != 2.12.0)
    safe_yaml (1.0.5)
    thor (0.20.3)
    thread_safe (0.3.6)
    tilt (2.0.9)
    tzinfo (1.2.5)
      thread_safe (~> 0.1)
    webmock (3.5.1)
      addressable (>= 2.3.6)
      crack (>= 0.3.2)
      hashdiff

PLATFORMS
  ruby

DEPENDENCIES
  conduit-braintree!
  pry-byebug (~> 3.6.0)
  rspec (~> 3.8.0)
  rspec-its
  rspec_junit_formatter (~> 0.4.1)

RUBY VERSION
   ruby 2.5.1p57

BUNDLED WITH
   1.16.3
